PATH
  remote: .
  specs:
    grpm (0.2.0)
      gitlab

GEM
  remote: https://rubygems.org/
  specs:
    coderay (1.1.2)
    gitlab (4.3.0)
      httparty
      terminal-table
    httparty (0.15.6)
      multi_xml (>= 0.5.2)
    method_source (0.9.0)
    multi_xml (0.6.0)
    pry (0.11.3)
      coderay (~> 1.1.0)
      method_source (~> 0.9.0)
    rake (10.5.0)
    terminal-table (1.8.0)
      unicode-display_width (~> 1.1, >= 1.1.1)
    unicode-display_width (1.3.0)

PLATFORMS
  ruby

DEPENDENCIES
  bundler (~> 1.16)
  grpm!
  pry
  rake (~> 10.0)

BUNDLED WITH
   1.16.0
